PATH
  remote: .
  specs:
    therubyrhino (1.72.7)

GEM
  remote: http://rubygems.org/
  specs:
    rspec (1.3.0)

PLATFORMS
  java

DEPENDENCIES
  rspec
  therubyrhino!
